##TITLE= Parameter file, TopSpin 4.1.1
##JCAMPDX= 5.0
##DATATYPE= Parameter Values
##NPOINTS= 12	$$ modification sequence number
##ORIGIN= Bruker BioSpin GmbH
##OWNER= hvonesh
$$ 2021-07-22 19:57:51.204 -0400  hvonesh@carbon.chem.lsa.umich.edu
$$ /home/hvonesh/data/hv21_0963/200//specpar
$$ process /opt/topspin4.1.1/prog/mod/acqdataserver
##$ANCIEN= (0..7)
0 0 0 0 0 0 0 0
##$BF1= 100.13
##$BF2= 100.13
##$BF3= 100.13
##$DEC= 1
##$DECB= 1
##$DEF19F= yes
##$DEFRSEL= yes
##$HPMOD= (0..32)
0 0 0 0 0 0 0 0 0 0 0 0 0 0 0 0 0 0 0 0 0 0 0 0 0 0 0 0 0 0 0 0 0
##$HPPRECH= (0..32)
-1 -1 -1 -1 -1 -1 -1 -1 -1 -1 -1 -1 -1 -1 -1 -1 -1 -1 -1 -1 -1 -1 -1 -1
-1 -1 -1 -1 -1 -1 -1 -1 -1
##$HPSELECT= yes
##$LOCSW19F= -1
##$LOCSW2H= -1
##$NUC1= 10
##$NUC2= 1
##$NUC3= 0
##$NUC4= 0
##$NUC5= 0
##$NUC6= 0
##$NUC7= 0
##$NUC8= 0
##$NUCARR= (0..123)
500.27 500.27 76.794490944 533.60786273 381.100563235 73.620163432 194.423917252
70.297004895 53.747297877 160.50649673 125.792991554 36.151096056 50.691918862
67.818887434 470.72410883 39.492794599 132.33092013 30.624703415 130.354648519
99.389576405 202.513008003 38.4007252 49.015999354 40.800645458 23.344464207
29.025755449 12.813440523 33.668316078 121.524322717 28.202891342 28.2104104
49.878464834 131.58575796 28.277741739 124.013020889 16.197632001 118.6994331
44.704382338 132.648956777 142.095154971 31.300908368 120.071573656 152.565861101
17.450993451 85.659301058 95.409058085 26.102697849 125.337545746 135.105507599
19.24838852 48.300783346 163.690615226 21.680811319 24.514220535 46.506590005
122.446935659 32.6022257 33.286439977 112.60240248 23.038188908 25.820780696
15.940838407 22.89285547 20.250024111 23.280229539 106.134681796 111.025796573
109.387812539 109.622309098 163.682085622 178.257502099 186.553844706 119.717497558
64.831074886 130.919368303 157.834029376 100.091450212 139.126017502 41.241863587
65.616123583 49.699108034 55.594644906 66.00712461 70.666344231 153.182674
27.264715 16.809072 20.861259 17.209288 124.367122 54.929646 15.358289
20.160881 120.264908 17.209288 24.113014 106.757618 14.407776 41.472383
87.543778126 24.1180167 57.0507908 40.6769537 20.0458189 12.5917959 59.98037192
20.843184245 112.68381642 113.81942932 11.417817294 38.84796658 8.5946386
9.3600517 107.541961317 8.6496683 89.602469219 33.075766274 285.77023264
288.574936363 104.659480617 80.389827078 9.21197178 18.159801 100
##$NUCOFFS= (0..127)
<1H> <13C> <31P> <19F> <207Pb> <> <> <> <> <> <> <> <> <> <> <> <> <> <>
<> <> <> <> <> <> <> <> <> <> <> <> <> <> <> <> <> <> <> <> <> <> <> <>
<> <> <> <> <> <> <> <> <> <> <> <> <> <> <> <> <> <> <> <> <> <> <> <>
<> <> <> <> <> <> <> <> <> <> <> <> <> <> <> <> <> <> <> <> <> <> <> <>
<> <> <> <> <> <> <> <> <> <> <> <> <> <> <> <> <> <> <> <> <> <> <> <>
<> <> <> <> <> <> <> <> <> <> <> <> <>
##$OBS= 1
##$OFFS= (0..127)
-10000000 0 0 15000000 0 0 0 0 0 0 0 0 0 0 0 0 0 0 0 0 0 0 0 0 0 0 0 0
0 0 0 0 0 0 0 0 0 0 0 0 0 0 0 0 0 0 0 0 0 0 0 0 0 0 0 0 0 0 0 0 0 0 0 0
0 0 0 0 0 0 0 0 0 0 0 0 0 0 0 0 0 0 0 0 0 0 0 0 0 0 0 0 0 0 0 0 0 0 0 0
0 0 0 0 0 0 0 0 0 0 0 0 0 0 0 0 0 0 0 0 0 0 0 0 0 0 0 0
##$OFFSF= (0..7)
0 0 0 0 0 0 0 0
##$OFFSH= (0..7)
0 0 0 0 0 0 0 0
##$OFFSX= (0..7)
0 0 0 0 0 0 0 0
##$OFFSXAS= (0..7)
0 0 0 0 0 0 0 0
##$OFSF1= 0
##$OFSF2= 0
##$OFSH1= 0
##$OFSH2= 0
##$OFSH3= 0
##$OFSX1= 0
##$OFSX2= 0
##$OFSY= 0
##$PACOIL= (0..32)
0 0 0 0 0 0 0 0 0 0 0 0 0 0 0 0 0 0 0 0 0 0 0 0 0 0 0 0 0 0 0 0 0
##$PRECHAN= (0..32)
-1 2 -1 0 1 -1 -1 -1 -1 -1 -1 -1 -1 -1 -1 -1 -1 -1 -1 -1 -1 -1 -1 -1 -1
-1 -1 -1 -1 -1 -1 -1 -1
##$RECPRE= (0..25)
-1 0 2 -1 -1 -1 -1 -1 -1 -1 -1 -1 -1 -1 -1 -1 -1 -1 -1 -1 -1 -1 -1 -1 -1
-1
##$RECPRFX= (0..32)
1 0 1 0 0 0 0 0 0 0 0 0 0 0 0 0 0 0 0 0 0 0 0 0 0 0 0 0 0 0 0 0 0
##$RECSEL= (0..24)
0 1 2 3 4 5 6 7 8 9 10 11 12 13 14 15 16 17 18 19 20 21 22 23 24
##$SELREC= (0..24)
0 0 0 0 0 0 0 0 0 0 0 0 0 0 0 0 0 0 0 0 0 0 0 0 0
##$SFO1= 125.792992
##$SFO2= 490.27
##$SFO3= 500.271585
##$SFO4= 500.271585
##$SFO5= 500.271585
##$SFO6= 500.271585
##$SFO7= 500.271585
##$SFO8= 500.271585
##$TY= (0..123)
0 0 0 0 0 0 0 0 0 0 0 0 0 0 0 0 0 0 0 0 0 0 0 0 0 0 0 0 0 0 0 0 0 0 0 0
0 0 0 0 0 0 0 0 0 0 0 0 0 0 0 0 0 0 0 0 0 0 0 0 0 0 0 0 0 0 0 0 0 0 0 0
0 0 0 0 0 0 0 0 0 0 0 0 0 0 0 0 0 0 0 0 0 0 0 0 0 0 0 0 0 0 0 0 0 0 0 0
0 0 0 0 0 0 0 0 0 0 0 0 0 0 0 0
##END=
